GEM
  remote: https://rubygems.org/
  specs:
    activesupport (4.2.0)
      i18n (~> 0.7)
      json (~> 1.7, >= 1.7.7)
      minitest (~> 5.1)
      thread_safe (~> 0.3, >= 0.3.4)
      tzinfo (~> 1.1)
    claide (0.8.0)
    clamp (0.6.3)
    cocoapods (0.36.0.beta.2)
      activesupport (>= 3.2.15)
      claide (~> 0.8.0)
      cocoapods-core (= 0.36.0.beta.2)
      cocoapods-downloader (~> 0.8.1)
      cocoapods-plugins (~> 0.4.0)
      cocoapods-trunk (~> 0.5.0)
      cocoapods-try (~> 0.4.3)
      colored (~> 1.2)
      escape (~> 0.0.4)
      molinillo (~> 0.2.0)
      nap (~> 0.8)
      open4 (~> 1.3)
      xcodeproj (~> 0.21.2)
    cocoapods-core (0.36.0.beta.2)
      activesupport (>= 3.2.15)
      fuzzy_match (~> 2.0.4)
      nap (~> 0.8.0)
    cocoapods-downloader (0.8.1)
    cocoapods-plugins (0.4.0)
      nap
    cocoapods-trunk (0.5.0)
      nap (>= 0.8)
      netrc (= 0.7.8)
    cocoapods-try (0.4.3)
    colored (1.2)
    colorize (0.7.5)
    escape (0.0.4)
    fuzzy_match (2.0.4)
    homesick (0.9.2)
      thor (>= 0.14.0)
    i18n (0.7.0)
    jazzy (0.1.0)
      activesupport (~> 4.1)
      cocoapods (~> 0.36.0.beta.2)
      mustache (~> 0.99)
      nokogiri (~> 1.6)
      redcarpet (~> 3.2)
      rouge (~> 1.5)
      sass (~> 3.4)
      sqlite3 (~> 1.3)
    json (1.8.2)
    mini_portile (0.6.2)
    minitest (5.5.1)
    molinillo (0.2.0)
    mustache (0.99.8)
    nap (0.8.0)
    netrc (0.7.8)
    nokogiri (1.6.6.2)
      mini_portile (~> 0.6.0)
    open4 (1.3.4)
    rake (10.4.2)
    redcarpet (3.2.2)
    rouge (1.7.7)
    sass (3.4.11)
    sqlite3 (1.3.10)
    synx (0.0.53)
      clamp (~> 0.6)
      colorize (~> 0.7)
      xcodeproj (~> 0.17)
    thor (0.18.1)
    thread_safe (0.3.4)
    tzinfo (1.2.2)
      thread_safe (~> 0.1)
    xcodeproj (0.21.2)
      activesupport (>= 3)
      colored (~> 1.2)

PLATFORMS
  ruby

DEPENDENCIES
  cocoapods
  homesick
  jazzy
  rake
  synx
