GEM
  remote: https://rubygems.org/
  specs:
    homesick (1.1.2)
      thor (>= 0.14.0)
    rake (10.4.2)
    thor (0.19.1)

PLATFORMS
  ruby

DEPENDENCIES
  homesick (~> 1.1)
  rake
