GEM
  remote: https://rubygems.org/
  specs:
    homesick (0.9.2)
      thor (>= 0.14.0)
    thor (0.18.1)

PLATFORMS
  ruby

DEPENDENCIES
  homesick
