GEM
  remote: https://rubygems.org/
  specs:
    homesick (1.1.6)
      thor (>= 0.14.0)
    rake (10.4.2)
    thor (0.20.0)

PLATFORMS
  ruby

DEPENDENCIES
  homesick (~> 1.1.6)
  rake

BUNDLED WITH
   1.16.1
